GEM
  remote: http://rubygems.org/
  specs:
    gli (2.0.0.rc3)
    minitest (3.0.1)
    rake (0.9.2.2)

PLATFORMS
  ruby

DEPENDENCIES
  gli (>= 2.0.0.rc3)
  minitest (~> 3.0)
  rake (~> 0.9)
