GEM
  remote: http://rubygems.org/
  specs:
    git (1.2.5)
    gli (2.0.0.rc3)
    jeweler (1.8.3)
      bundler (~> 1.0)
      git (>= 1.2.5)
      rake
      rdoc
    json (1.7.3)
    minitest (3.0.1)
    rake (0.9.2.2)
    rdoc (3.12)
      json (~> 1.4)

PLATFORMS
  ruby

DEPENDENCIES
  gli (>= 2.0.0.rc3)
  jeweler (~> 1.8)
  minitest (~> 3.0)
  rake (~> 0.9)
